GEM
  remote: https://rubygems.org/
  specs:
    jekyll-paginate (1.1.0)
    jekyll-tagging (1.1.0)
      nuggets
    nuggets (1.5.0)

PLATFORMS
  ruby

DEPENDENCIES
  jekyll-paginate
  jekyll-tagging

BUNDLED WITH
   1.16.1
